GEM
  remote: https://rubygems.org/
  specs:
    nio4r (2.7.0)
    puma (5.6.8)
      nio4r (~> 2.0)
    rack (2.2.8.1)

PLATFORMS
  ruby

DEPENDENCIES
  puma
  rack

BUNDLED WITH
   1.16.4
